GEM
  remote: http://rubygems.org/
  specs:
    activemodel (3.1.0)
      activesupport (= 3.1.0)
      bcrypt-ruby (~> 3.0.0)
      builder (~> 3.0.0)
      i18n (~> 0.6)
    activesupport (3.1.0)
      multi_json (~> 1.0)
    bcrypt-ruby (3.0.1)
    builder (3.0.0)
    document_mapper (0.1.6)
      activemodel (~> 3.1.0)
      activesupport (~> 3.1.0)
      rake (~> 0.9.0)
      tilt (~> 1.3.0)
    erubis (2.7.0)
    i18n (0.6.0)
    multi_json (1.0.3)
    rake (0.9.2)
    redcarpet (1.17.2)
    tilt (1.3.3)

PLATFORMS
  ruby

DEPENDENCIES
  document_mapper
  erubis
  rake
  redcarpet
